PATH
  remote: .
  specs:
    isbn (2.0.7)

GEM
  remote: http://rubygems.org/
  specs:

PLATFORMS
  ruby

DEPENDENCIES
  isbn!
